GEM
  remote: http://rubygems.org/
  specs:
    coderay (1.0.9)
    formatador (0.2.4)
    guard (1.7.0)
      formatador (>= 0.2.4)
      listen (>= 0.6.0)
      lumberjack (>= 1.0.2)
      pry (>= 0.9.10)
      thor (>= 0.14.6)
    guard-bundler (1.0.0)
      bundler (~> 1.0)
      guard (~> 1.1)
    guard-test (0.8.0)
      guard (>= 1.1)
      test-unit (~> 2.2)
    listen (0.7.3)
    lumberjack (1.0.3)
    method_source (0.8.1)
    pry (0.9.12)
      coderay (~> 1.0.5)
      method_source (~> 0.8)
      slop (~> 3.4)
    slop (3.4.4)
    test-unit (2.5.4)
    thor (0.18.1)

PLATFORMS
  ruby

DEPENDENCIES
  guard
  guard-bundler
  guard-test
