GEM
  remote: http://rubygems.org/
  specs:
    guard (1.4.0)
      listen (>= 0.4.2)
      thor (>= 0.14.6)
    guard-bundler (1.0.0)
      bundler (~> 1.0)
      guard (~> 1.1)
    guard-test (0.8.0)
      guard (>= 1.1)
      test-unit (~> 2.2)
    listen (0.5.2)
    ruby_gntp (0.3.4)
    test-unit (2.5.4)
    thor (0.16.0)

PLATFORMS
  ruby
  x86-mingw32

DEPENDENCIES
  guard
  guard-bundler
  guard-test
  ruby_gntp
